GEM
  remote: http://gems.github.com/
  remote: http://rubygems.org/
  remote: http://rubygems.org/
  specs:
    actionmailer (2.3.10)
      actionpack (= 2.3.10)
    actionpack (2.3.10)
      activesupport (= 2.3.10)
      rack (~> 1.1.0)
    activerecord (2.3.10)
      activesupport (= 2.3.10)
    activeresource (2.3.10)
      activesupport (= 2.3.10)
    activesupport (2.3.10)
    guid (0.1.1)
    hpricot (0.8.2)
    mime-types (1.16)
    mysql (2.8.1)
    polyglot (0.2.6)
    rack (1.1.0)
    rails (2.3.10)
      actionmailer (= 2.3.10)
      actionpack (= 2.3.10)
      activerecord (= 2.3.10)
      activeresource (= 2.3.10)
      activesupport (= 2.3.10)
      rake (>= 0.8.3)
    rake (0.9.2)
    rmagick (2.9.1)
    seed-fu (1.2.3)
      rails (>= 2.1)
    sprockets (1.0.2)
    sqlite3 (1.3.3)
    sqlite3-ruby (1.3.3)
      sqlite3 (>= 1.3.3)
    thoughtbot-factory_girl (1.2.0)
    thoughtbot-shoulda (2.9.1)
    will_paginate (2.3.15)

PLATFORMS
  ruby

DEPENDENCIES
  guid (= 0.1.1)
  hpricot (= 0.8.2)
  mime-types (= 1.16)
  mysql (= 2.8.1)
  polyglot (= 0.2.6)
  rack (= 1.1.0)
  rails (= 2.3.10)
  rmagick (= 2.9.1)
  seed-fu (~> 1.2.0)
  sprockets (= 1.0.2)
  sqlite3-ruby
  thoughtbot-factory_girl (= 1.2.0)
  thoughtbot-shoulda (= 2.9.1)
  will_paginate (~> 2.3.15)
